PATH
  remote: .
  specs:
    dotenv-daemon_kit (0.0.1)
      daemon-kit
      dotenv

GEM
  remote: https://rubygems.org/
  specs:
    activesupport (3.1.12)
      multi_json (~> 1.0)
    daemon-kit (0.2.3)
      eventmachine (>= 0.12.10)
      i18n
      rubigen
      safely (>= 0.3.1)
      thor
    dotenv (0.9.0)
    eventmachine (1.0.3)
    i18n (0.6.9)
    multi_json (1.8.2)
    rake (10.1.0)
    rubigen (1.5.8)
      activesupport (>= 2.3.5, < 3.2.0)
    safely (0.3.2)
    thor (0.18.1)

PLATFORMS
  ruby

DEPENDENCIES
  bundler (~> 1.3)
  dotenv-daemon_kit!
  rake
